GEM
  remote: http://rubygems.org/
  specs:
    chunky_png (1.2.7)
    compass (0.13.alpha.0)
      chunky_png (~> 1.2)
      fssm (>= 0.2.7)
      sass (~> 3.2.0.alpha.93)
    compass_twitter_bootstrap (2.2.2)
      compass
    fssm (0.2.9)
    sass (3.2.5)
    susy (1.0.5)
      compass (>= 0.12.2)
      sass (>= 3.2.0)

PLATFORMS
  ruby

DEPENDENCIES
  compass (>= 0.13.alpha.0)
  compass_twitter_bootstrap
  susy
